GIT
  remote: git://github.com/rack/rack-contrib.git
  revision: 6f337267eae0bedb4110879f2aea6b1bb2137980
  specs:
    rack-contrib (1.2.0)
      rack (>= 0.9.1)

GEM
  remote: http://rubygems.org/
  specs:
    rack (1.4.4)
    rack-rewrite (1.3.3)

PLATFORMS
  ruby

DEPENDENCIES
  rack-contrib!
  rack-rewrite
